GEM
  remote: http://rubygems.org/
  specs:
    anybase (0.0.11)
    aws-s3 (0.6.2)
      builder
      mime-types
      xml-simple
    builder (2.1.2)
    mime-types (1.16)
    rack (1.2.1)
    sequel (3.15.0)
    sinatra (1.0)
      rack (>= 1.0)
    sqlite3 (1.3.9)
    xml-simple (1.0.12)

PLATFORMS
  ruby

DEPENDENCIES
  anybase
  aws-s3
  rack
  sequel
  sinatra
  sqlite3
