GEM
  remote: http://rubygems.org/
  specs:
    anybase (0.0.11)
    rack (1.2.1)
    sequel (3.15.0)
    sinatra (1.0)
      rack (>= 1.0)

PLATFORMS
  ruby

DEPENDENCIES
  anybase
  rack
  sequel
  sinatra
